PATH
  remote: .
  specs:
    service_manager (0.6.4)
      background_process (>= 1.2)
      tcpsocket-wait

GEM
  remote: https://rubygems.org/
  specs:
    background_process (1.3)
    tcpsocket-wait (1.0.0)

PLATFORMS
  ruby

DEPENDENCIES
  service_manager!
